GEM
  remote: https://rubygems.org/
  specs:
    addressable (2.4.0)
    aws-sdk (2.6.9)
      aws-sdk-resources (= 2.6.9)
    aws-sdk-core (2.6.9)
      jmespath (~> 1.0)
    aws-sdk-resources (2.6.9)
      aws-sdk-core (= 2.6.9)
    bcrypt (3.1.11)
    bcrypt-ruby (3.1.5)
      bcrypt (>= 3.1.3)
    daemons (1.2.4)
    data_objects (0.10.17)
      addressable (~> 2.1)
    dm-core (1.2.1)
      addressable (~> 2.3)
    dm-do-adapter (1.2.0)
      data_objects (~> 0.10.6)
      dm-core (~> 1.2.0)
    dm-migrations (1.2.0)
      dm-core (~> 1.2.0)
    dm-postgres-adapter (1.2.0)
      dm-do-adapter (~> 1.2.0)
      do_postgres (~> 0.10.6)
    dm-sqlite-adapter (1.2.0)
      dm-do-adapter (~> 1.2.0)
      do_sqlite3 (~> 0.10.6)
    dm-timestamps (1.2.0)
      dm-core (~> 1.2.0)
    dm-types (1.2.2)
      bcrypt-ruby (~> 3.0)
      dm-core (~> 1.2.0)
      fastercsv (~> 1.5)
      json (~> 1.6)
      multi_json (~> 1.0)
      stringex (~> 1.4)
      uuidtools (~> 2.1)
    dm-validations (1.2.0)
      dm-core (~> 1.2.0)
    do_postgres (0.10.17)
      data_objects (= 0.10.17)
    do_sqlite3 (0.10.17)
      data_objects (= 0.10.17)
    domain_name (0.5.20160826)
      unf (>= 0.0.5, < 1.0.0)
    eventmachine (1.2.0.1)
    fastercsv (1.5.5)
    http-cookie (1.0.3)
      domain_name (~> 0.5)
    jmespath (1.3.1)
    json (1.8.3)
    mail (2.6.4)
      mime-types (>= 1.16, < 4)
    mime-types (3.1)
      mime-types-data (~> 3.2015)
    mime-types-data (3.2016.0521)
    multi_json (1.12.1)
    netrc (0.11.0)
    pg (0.19.0)
    pony (1.11)
      mail (>= 2.0)
    rack (1.6.4)
    rack-protection (1.5.3)
      rack
    rack-ssl (1.4.1)
      rack
    rest-client (2.0.0)
      http-cookie (>= 1.0.2, < 2.0)
      mime-types (>= 1.16, < 4.0)
      netrc (~> 0.8)
    sinatra (1.4.7)
      rack (~> 1.5)
      rack-protection (~> 1.4)
      tilt (>= 1.3, < 3)
    sinatra-flash (0.3.0)
      sinatra (>= 1.0.0)
    stringex (1.5.1)
    stripe (1.55.0)
      rest-client (>= 1.4, < 4.0)
    thin (1.7.0)
      daemons (~> 1.0, >= 1.0.9)
      eventmachine (~> 1.0, >= 1.0.4)
      rack (>= 1, < 3)
    tilt (2.0.5)
    unf (0.1.4)
      unf_ext
    unf_ext (0.0.7.2)
    uuidtools (2.1.5)

PLATFORMS
  ruby

DEPENDENCIES
  aws-sdk (= 2.6.9)
  bcrypt-ruby (= 3.1.5)
  dm-core (= 1.2.1)
  dm-migrations (= 1.2.0)
  dm-postgres-adapter (= 1.2.0)
  dm-sqlite-adapter (= 1.2.0)
  dm-timestamps (= 1.2.0)
  dm-types (= 1.2.2)
  dm-validations (= 1.2.0)
  pg (= 0.19.0)
  pony (= 1.11)
  rack-ssl (= 1.4.1)
  sinatra (= 1.4.7)
  sinatra-flash (= 0.3.0)
  stripe (= 1.55.0)
  thin (= 1.7.0)

RUBY VERSION
   ruby 2.2.5p319

BUNDLED WITH
   1.13.3
